PATH
  remote: .
  specs:
    sagamore-client (3.0.3)
      addressable (>= 2.2.8)
      hashie
      json (>= 1.7.4)
      patron (>= 0.4.18)

GEM
  remote: https://rubygems.org/
  specs:
    addressable (2.2.8)
    coderay (1.0.7)
    coveralls (0.6.9)
      multi_json (~> 1.3)
      rest-client
      simplecov (>= 0.7)
      term-ansicolor
      thor
    crack (0.3.1)
    diff-lcs (1.1.3)
    hashie (2.0.5)
    json (1.8.1)
    method_source (0.8)
    mime-types (1.25)
    multi_json (1.8.0)
    patron (0.4.18)
    pry (0.9.10)
      coderay (~> 1.0.5)
      method_source (~> 0.8)
      slop (~> 3.3.1)
    rake (0.9.2.2)
    rest-client (1.6.7)
      mime-types (>= 1.16)
    rspec (2.11.0)
      rspec-core (~> 2.11.0)
      rspec-expectations (~> 2.11.0)
      rspec-mocks (~> 2.11.0)
    rspec-core (2.11.1)
    rspec-expectations (2.11.2)
      diff-lcs (~> 1.1.3)
    rspec-mocks (2.11.1)
    simplecov (0.7.1)
      multi_json (~> 1.0)
      simplecov-html (~> 0.7.1)
    simplecov-html (0.7.1)
    slop (3.3.2)
    term-ansicolor (1.2.2)
      tins (~> 0.8)
    thor (0.18.1)
    tins (0.9.0)
    webmock (1.8.8)
      addressable (~> 2.2.8)
      crack (>= 0.1.7)

PLATFORMS
  ruby

DEPENDENCIES
  coveralls
  pry
  rake
  rspec (~> 2.11)
  sagamore-client!
  webmock
