PATH
  remote: .
  specs:
    sagamore-client (3.0.0pre)
      addressable
      hashie
      json
      patron

GEM
  remote: http://rubygems.org/
  specs:
    addressable (2.2.7)
    coderay (1.0.5)
    crack (0.3.1)
    diff-lcs (1.1.3)
    hashie (1.2.0)
    json (1.6.6)
    method_source (0.7.0)
    patron (0.4.18)
    pry (0.9.8.2)
      coderay (~> 1.0.5)
      method_source (~> 0.7)
      slop (>= 2.4.4, < 3)
    rake (0.9.2.2)
    rspec (2.11.0)
      rspec-core (~> 2.11.0)
      rspec-expectations (~> 2.11.0)
      rspec-mocks (~> 2.11.0)
    rspec-core (2.11.0)
    rspec-expectations (2.11.1)
      diff-lcs (~> 1.1.3)
    rspec-mocks (2.11.1)
    slop (2.4.4)
    webmock (1.8.0)
      addressable (>= 2.2.7)
      crack (>= 0.1.7)

PLATFORMS
  ruby

DEPENDENCIES
  pry
  rake
  rspec (~> 2.11)
  sagamore-client!
  webmock
