PATH
  remote: .
  specs:
    sagamore-client (3.0.0pre)
      addressable (~> 2.2.8)
      hashie
      json (~> 1.7.4)
      patron (~> 0.4.18)

GEM
  remote: http://rubygems.org/
  specs:
    ZenTest (4.6.2)
    addressable (2.2.8)
    autotest (4.4.6)
      ZenTest (>= 4.4.1)
    coderay (1.0.7)
    crack (0.3.1)
    diff-lcs (1.1.3)
    hashie (1.2.0)
    json (1.7.4)
    method_source (0.8)
    patron (0.4.18)
    pry (0.9.10)
      coderay (~> 1.0.5)
      method_source (~> 0.8)
      slop (~> 3.3.1)
    rake (0.9.2.2)
    rspec (2.11.0)
      rspec-core (~> 2.11.0)
      rspec-expectations (~> 2.11.0)
      rspec-mocks (~> 2.11.0)
    rspec-core (2.11.1)
    rspec-expectations (2.11.2)
      diff-lcs (~> 1.1.3)
    rspec-mocks (2.11.1)
    slop (3.3.2)
    webmock (1.8.8)
      addressable (~> 2.2.8)
      crack (>= 0.1.7)

PLATFORMS
  ruby

DEPENDENCIES
  autotest
  pry
  rake
  rspec (~> 2.11)
  sagamore-client!
  webmock
